GEM
  remote: https://rubygems.org/
  specs:
    addressable (2.3.8)
    bson (3.1.2)
    builder (3.2.2)
    coderay (1.1.0)
    dogapi (1.19.0)
      multi_json
    dotenv (2.0.2)
    erubis (2.7.0)
    eventmachine (1.0.7)
    faraday (0.8.9)
      multipart-post (~> 1.2.0)
    faraday_middleware (0.9.1)
      faraday (>= 0.7.4, < 0.10)
    faraday_middleware-parse_oj (0.2.1)
      faraday_middleware (~> 0.8)
      oj (~> 2.0)
    giphy (1.2.0)
      faraday (~> 0.8.8)
      faraday_middleware-parse_oj (~> 0.2.1)
      launchy (~> 2.4.2)
    jwt (1.5.0)
    launchy (2.4.3)
      addressable (~> 2.3)
    method_source (0.8.2)
    mongo (2.0.6)
      bson (~> 3.0)
    multi_json (1.11.0)
    multipart-post (1.2.0)
    oj (2.12.1)
    pry (0.10.1)
      coderay (~> 1.1.0)
      method_source (~> 0.8.1)
      slop (~> 3.4)
    rack (1.6.1)
    rack-protection (1.5.3)
      rack
    sinatra (1.4.6)
      rack (~> 1.4)
      rack-protection (~> 1.4)
      tilt (>= 1.3, < 3)
    slop (3.6.0)
    statsd (0.5.4)
      erubis (>= 2.6.6)
      eventmachine (>= 0.12.10)
      mongo (>= 1.2.4)
    tilt (2.0.1)
    twilio-ruby (4.2.0)
      builder (>= 2.1.2)
      jwt (~> 1.0)
      multi_json (>= 1.3.0)

PLATFORMS
  ruby

DEPENDENCIES
  dogapi
  dotenv (~> 2.0.2)
  giphy (~> 1.2.0)
  pry
  sinatra
  statsd
  twilio-ruby
